GEM
  remote: http://rubygems.org/
  specs:
    RedCloth (4.2.7)
    aaronh-chronic (0.3.9)
    abstract (1.0.0)
    actionmailer (3.0.3)
      actionpack (= 3.0.3)
      mail (~> 2.2.9)
    actionpack (3.0.3)
      activemodel (= 3.0.3)
      activesupport (= 3.0.3)
      builder (~> 2.1.2)
      erubis (~> 2.6.6)
      i18n (~> 0.4)
      rack (~> 1.2.1)
      rack-mount (~> 0.6.13)
      rack-test (~> 0.5.6)
      tzinfo (~> 0.3.23)
    activemodel (3.0.3)
      activesupport (= 3.0.3)
      builder (~> 2.1.2)
      i18n (~> 0.4)
    activerecord (3.0.3)
      activemodel (= 3.0.3)
      activesupport (= 3.0.3)
      arel (~> 2.0.2)
      tzinfo (~> 0.3.23)
    activeresource (3.0.3)
      activemodel (= 3.0.3)
      activesupport (= 3.0.3)
    activesupport (3.0.3)
    addressable (2.2.5)
    arel (2.0.9)
    attr_required (0.0.3)
    auto_html (1.3.7)
      RedCloth
    bcrypt-ruby (2.1.4)
    builder (2.1.2)
    crack (0.1.8)
    devise (1.3.0)
      bcrypt-ruby (~> 2.1.2)
      orm_adapter (~> 0.0.3)
      warden (~> 1.0.3)
    erubis (2.6.6)
      abstract (>= 1.0.0)
    event-calendar (2.3.3)
    facebooker2 (0.0.11)
      mogli (>= 0.0.12)
      ruby-hmac
    faraday (0.6.1)
      addressable (~> 2.2.4)
      multipart-post (~> 1.1.0)
      rack (< 2, >= 1.1.0)
    fb_graph (1.6.5)
      activesupport (>= 2.3)
      json (>= 1.4.3)
      oauth2 (>= 0.1.0)
      restclient_with_cert
    gcal4ruby (0.5.5)
      gdata4ruby (>= 0.1.5)
    gdata (1.1.2)
    gdata4ruby (0.1.5)
    gmaps4rails (0.8.4)
      crack
    grackle (0.1.10)
      json
      mime-types
      oauth
    haml (3.0.25)
    httparty (0.7.6)
      crack (= 0.1.8)
    i18n (0.5.0)
    jquery-rails (0.2.7)
      rails (~> 3.0)
      thor (~> 0.14.4)
    json (1.5.1)
    mail (2.2.16)
      activesupport (>= 2.3.6)
      i18n (>= 0.4.0)
      mime-types (~> 1.16)
      treetop (~> 1.4.8)
    mime-types (1.16)
    mogli (0.0.28)
      httparty (>= 0.4.3)
    multi_json (0.0.5)
    multipart-post (1.1.0)
    mysql2 (0.2.7)
    oauth (0.4.4)
    oauth2 (0.3.0)
      faraday (~> 0.6.0)
      multi_json (~> 0.0.4)
    orm_adapter (0.0.4)
    paperclip (2.3.11)
      activerecord (>= 2.3.0)
      activesupport (>= 2.3.2)
    polyglot (0.3.1)
    rack (1.2.2)
    rack-mount (0.6.14)
      rack (>= 1.0.0)
    rack-oauth2 (0.7.0)
      activesupport (>= 2.3)
      attr_required (>= 0.0.3)
      i18n
      json (>= 1.4.3)
      rack (>= 1.1)
      restclient_with_cert
    rack-test (0.5.7)
      rack (>= 1.0)
    rails (3.0.3)
      actionmailer (= 3.0.3)
      actionpack (= 3.0.3)
      activerecord (= 3.0.3)
      activeresource (= 3.0.3)
      activesupport (= 3.0.3)
      bundler (~> 1.0)
      railties (= 3.0.3)
    railties (3.0.3)
      actionpack (= 3.0.3)
      activesupport (= 3.0.3)
      rake (>= 0.8.7)
      thor (~> 0.14.4)
    rake (0.8.7)
    rest-client (1.6.1)
      mime-types (>= 1.16)
    restclient_with_cert (0.0.5)
      rest-client (>= 1.6)
    ruby-hmac (0.4.0)
    thor (0.14.6)
    treetop (1.4.9)
      polyglot (>= 0.3.1)
    tzinfo (0.3.26)
    warden (1.0.3)
      rack (>= 1.0.0)
    whenever (0.6.7)
      aaronh-chronic (>= 0.3.9)
      activesupport (>= 2.3.4)
    will_paginate (3.0.pre2)
    wkhtmltopdf (0.1.2)

PLATFORMS
  ruby

DEPENDENCIES
  auto_html
  devise
  event-calendar
  facebooker2
  fb_graph
  gcal4ruby
  gdata
  gmaps4rails
  grackle
  haml
  jquery-rails (>= 0.2.6)
  mogli
  mysql2
  paperclip (~> 2.3)
  rack-oauth2
  rails (= 3.0.3)
  whenever
  will_paginate (= 3.0.pre2)
  wkhtmltopdf
